{
  "bids_meta": {
    "AccelFactPE": 2,
    "AcquisitionNumber": 1,
    "AcquisitionTime": "19:51:39.647500",
    "BodyPartExamined": "HEAD",
    "ConversionSoftware": "dcm2niix",
    "ConversionSoftwareVersion": "v1.0.20170624 (OpenJPEG build) MSC1900",
    "DeviceSerialNumber": "67064",
    "EchoTime": 0.563,
    "EchoTrainLength": 314,
    "FlipAngle": 120,
    "ImageType": [
      "ORIGINAL",
      "PRIMARY",
      "M",
      "ND",
      "NORM"
    ],
    "InstitutionAddress": "Scott_Ave_4525_St._Louis_MO_US_63110",
    "InstitutionName": "Washington_University",
    "MagneticFieldStrength": 3,
    "Manufacturer": "Siemens",
    "ManufacturersModelName": "Prisma_fit",
    "PhaseEncodingDirection": "i-",
    "PhaseEncodingLines": 300,
    "ProcedureStepDescription": "head_Braver",
    "ProtocolName": "T2w_SPC",
    "RepetitionTime": 3.2,
    "ScanningSequence": "SE",
    "SequenceName": "_spc_314ns",
    "SequenceVariant": "SK_SP",
    "SeriesDescription": "T2w_SPC",
    "SoftwareVersions": "syngo_MR_E11",
    "dataset": "unknown",
    "modality": "T2w",
    "session_id": "03",
    "subject_id": "01"
  },
  "cjv": 0.4930485936502033,
  "cnr": 2.6939453984614707,
  "efc": 0.5416628577659556,
  "fber": 1574.2545166015625,
  "fwhm_avg": 2.9949988069690243,
  "fwhm_x": 2.931684011108457,
  "fwhm_y": 3.285774951038138,
  "fwhm_z": 2.7675374587604784,
  "icvs_csf": 0.18987161089156113,
  "icvs_gm": 0.4200466222396893,
  "icvs_wm": 0.39008176686874957,
  "inu_med": 1.4516816139221191,
  "inu_range": 0.25636539459228525,
  "provenance": {
    "md5sum": "1d1d26583c85e56092bdfe6e90461366",
    "settings": {
      "testing": false
    },
    "software": "mriqc",
    "version": "0.14.2",
    "warnings": {
      "large_rot_frame": false,
      "small_air_mask": false
    },
    "webapi_port": null,
    "webapi_url": "https://mriqc.nimh.nih.gov/api/v1"
  },
  "qi_1": 0.0,
  "qi_2": 0.007807838251281945,
  "rpve_csf": 28.789216602007407,
  "rpve_gm": 12.93969311272597,
  "rpve_wm": 15.398932752518377,
  "size_x": 208,
  "size_y": 300,
  "size_z": 320,
  "snr_csf": 5.8641095848599525,
  "snr_gm": 8.273184873041096,
  "snr_total": 7.069396587173666,
  "snr_wm": 7.0708953036199516,
  "snrd_csf": 211.59688963185977,
  "snrd_gm": 94.35954223673609,
  "snrd_total": 120.8832748088414,
  "snrd_wm": 56.69339255792835,
  "spacing_x": 0.8000043630599976,
  "spacing_y": 0.800000011920929,
  "spacing_z": 0.800000011920929,
  "summary_bg_k": 12.717126092934857,
  "summary_bg_mad": 11.555115699768066,
  "summary_bg_mean": 24.535810470581055,
  "summary_bg_median": 19.52225112915039,
  "summary_bg_n": 7109301.0,
  "summary_bg_p05": 6.100480556488037,
  "summary_bg_p95": 60.038448333740234,
  "summary_bg_stdv": 18.679210662841797,
  "summary_csf_k": 3.6771972446038728,
  "summary_csf_mad": 513.95751953125,
  "summary_csf_mean": 3725.48779296875,
  "summary_csf_median": 3732.087890625,
  "summary_csf_n": 125564.0,
  "summary_csf_p05": 2666.68212890625,
  "summary_csf_p95": 4663.759301757812,
  "summary_csf_stdv": 636.4262084960938,
  "summary_gm_k": 0.5905321268595105,
  "summary_gm_mad": 188.81787109375,
  "summary_gm_mean": 1677.771240234375,
  "summary_gm_median": 1664.2877197265625,
  "summary_gm_n": 69142.0,
  "summary_gm_p05": 1373.9764221191406,
  "summary_gm_p95": 2032.8614990234373,
  "summary_gm_stdv": 201.16505432128906,
  "summary_wm_k": 0.1650993969111596,
  "summary_wm_mad": 138.73660278320312,
  "summary_wm_mean": 992.9434814453125,
  "summary_wm_median": 999.9425048828125,
  "summary_wm_n": 325664.0,
  "summary_wm_p05": 748.9343292236327,
  "summary_wm_p95": 1213.0039550781248,
  "summary_wm_stdv": 141.4164581298828,
  "tpm_overlap_csf": 0.19095106422901154,
  "tpm_overlap_gm": 0.4590304493904114,
  "tpm_overlap_wm": 0.5109215378761292,
  "wm2max": 0.21373138742254852
}