{
  "bids_meta": {
    "AccelFactPE": 2,
    "AcquisitionNumber": 1,
    "AcquisitionTime": "19:44:33.612500",
    "BodyPartExamined": "HEAD",
    "ConversionSoftware": "dcm2niix",
    "ConversionSoftwareVersion": "v1.0.20170624 (OpenJPEG build) MSC1900",
    "DeviceSerialNumber": "67064",
    "EchoTime": 0.00222,
    "FlipAngle": 8,
    "ImageType": [
      "ORIGINAL",
      "PRIMARY",
      "M",
      "ND",
      "NORM"
    ],
    "InstitutionAddress": "Scott_Ave_4525_St._Louis_MO_US_63110",
    "InstitutionName": "Washington_University",
    "InversionTime": 1,
    "MagneticFieldStrength": 3,
    "Manufacturer": "Siemens",
    "ManufacturersModelName": "Prisma_fit",
    "PhaseEncodingDirection": "i-",
    "PhaseEncodingLines": 300,
    "ProcedureStepDescription": "head_Braver",
    "ProtocolName": "T1w_MPR",
    "RepetitionTime": 2.4,
    "ScanningSequence": "GR_IR",
    "SequenceName": "_tfl3d1_16ns",
    "SequenceVariant": "SK_SP_MP",
    "SeriesDescription": "T1w_MPR",
    "SoftwareVersions": "syngo_MR_E11",
    "dataset": "unknown",
    "modality": "T1w",
    "session_id": "03",
    "subject_id": "01"
  },
  "cjv": 0.7403239724550345,
  "cnr": 1.8538046788807154,
  "efc": 0.5852088894085292,
  "fber": 2523.554443359375,
  "fwhm_avg": 4.343487908388447,
  "fwhm_x": 4.335538854729819,
  "fwhm_y": 4.322549935588986,
  "fwhm_z": 4.372374934846536,
  "icvs_csf": 0.1982066379847353,
  "icvs_gm": 0.41994986289726316,
  "icvs_wm": 0.38184349911800153,
  "inu_med": 1.021917462348938,
  "inu_range": 0.4104428291320801,
  "provenance": {
    "md5sum": "2c43936613223d98d53a08f6bdaa5c37",
    "settings": {
      "testing": false
    },
    "software": "mriqc",
    "version": "0.14.2",
    "warnings": {
      "large_rot_frame": false,
      "small_air_mask": false
    },
    "webapi_port": null,
    "webapi_url": "https://mriqc.nimh.nih.gov/api/v1"
  },
  "qi_1": 0.0,
  "qi_2": 0.0025777631130702323,
  "rpve_csf": 26.199335872772764,
  "rpve_gm": 12.803922741368213,
  "rpve_wm": 15.979678379430991,
  "size_x": 208,
  "size_y": 300,
  "size_z": 320,
  "snr_csf": 3.0977904885424805,
  "snr_gm": 9.706032227393422,
  "snr_total": 10.073580292409636,
  "snr_wm": 17.416918161293005,
  "snrd_csf": 28.606164746233908,
  "snrd_gm": 70.60873828138281,
  "snrd_total": 62.084756975265776,
  "snrd_wm": 87.03936789818061,
  "spacing_x": 0.8000043630599976,
  "spacing_y": 0.800000011920929,
  "spacing_z": 0.800000011920929,
  "summary_bg_k": 23.591613218262893,
  "summary_bg_mad": 7.527218818664551,
  "summary_bg_mean": 12.955981254577637,
  "summary_bg_median": 10.928890228271484,
  "summary_bg_n": 7133766.0,
  "summary_bg_p05": 2.613249897956848,
  "summary_bg_p95": 30.429964542388916,
  "summary_bg_stdv": 9.342934608459473,
  "summary_csf_k": 1.7741886469154045,
  "summary_csf_mad": 81.93833923339844,
  "summary_csf_mean": 351.21539306640625,
  "summary_csf_median": 328.67181396484375,
  "summary_csf_n": 96251.0,
  "summary_csf_p05": 220.6927490234375,
  "summary_csf_p95": 564.4963073730469,
  "summary_csf_stdv": 106.09823608398438,
  "summary_gm_k": 0.07159308895123129,
  "summary_gm_mad": 84.88956451416016,
  "summary_gm_mean": 812.2227783203125,
  "summary_gm_median": 811.2622680664062,
  "summary_gm_n": 76967.0,
  "summary_gm_p05": 680.3531311035156,
  "summary_gm_p95": 951.4494873046874,
  "summary_gm_stdv": 83.582763671875,
  "summary_wm_k": 0.3485647381071626,
  "summary_wm_mad": 54.86913299560547,
  "summary_wm_mean": 1003.1491088867188,
  "summary_wm_median": 1000.042724609375,
  "summary_wm_n": 446371.0,
  "summary_wm_p05": 913.69775390625,
  "summary_wm_p95": 1102.5148315429688,
  "summary_wm_stdv": 57.41782760620117,
  "tpm_overlap_csf": 0.22735589742660522,
  "tpm_overlap_gm": 0.4972171485424042,
  "tpm_overlap_wm": 0.544686496257782,
  "wm2max": 0.5275388021151484
}