{
  "aor": 0.0010962152133580704,
  "aqi": 0.007180580463821893,
  "bids_meta": {
    "AcquisitionNumber": 1,
    "AcquisitionTime": "07:44:16.847500",
    "BandwidthPerPixelPhaseEncode": 18.832,
    "BodyPartExamined": "HEAD",
    "ConversionSoftware": "dcm2niix",
    "ConversionSoftwareVersion": "v1.0.20170624 (OpenJPEG build) MSC1900",
    "DeviceSerialNumber": "67064",
    "EchoTime": 0.033,
    "EchoTrainLength": 90,
    "EffectiveEchoSpacing": 0.000590012,
    "FlipAngle": 63,
    "ImageType": [
      "ORIGINAL",
      "PRIMARY",
      "M",
      "MB",
      "ND",
      "MOSAIC"
    ],
    "InstitutionAddress": "Scott_Ave_4525_St._Louis_MO_US_63110",
    "InstitutionName": "Washington_University",
    "MagneticFieldStrength": 3,
    "Manufacturer": "Siemens",
    "ManufacturersModelName": "Prisma_fit",
    "PhaseEncodingDirection": "j",
    "PhaseEncodingLines": 90,
    "ProcedureStepDescription": "head_Braver",
    "ProtocolName": "tfMRI_StroopBas2_PA",
    "RepetitionTime": 1.2,
    "ScanningSequence": "EP",
    "SequenceName": "epfid2d1_90",
    "SequenceVariant": "SK_SS",
    "SeriesDescription": "tfMRI_StroopBas2_PA",
    "SliceTiming": [
      0,
      0.6275,
      0.0775,
      0.7075,
      0.1575,
      0.785,
      0.235,
      0.865,
      0.315,
      0.9425,
      0.3925,
      1.0225,
      0.4725,
      1.1,
      0.55,
      0,
      0.6275,
      0.0775,
      0.7075,
      0.1575,
      0.785,
      0.235,
      0.865,
      0.315,
      0.9425,
      0.3925,
      1.0225,
      0.4725,
      1.1,
      0.55,
      0,
      0.6275,
      0.0775,
      0.7075,
      0.1575,
      0.785,
      0.235,
      0.865,
      0.315,
      0.9425,
      0.3925,
      1.0225,
      0.4725,
      1.1,
      0.55,
      0,
      0.6275,
      0.0775,
      0.7075,
      0.1575,
      0.785,
      0.235,
      0.865,
      0.315,
      0.9425,
      0.3925,
      1.0225,
      0.4725,
      1.1,
      0.55
    ],
    "SoftwareVersions": "syngo_MR_E11",
    "TaskName": "Stroop",
    "TotalReadoutTime": 0.0525111,
    "acq_id": "cf2PA",
    "dataset": "unknown",
    "modality": "bold",
    "run_id": "02",
    "session_id": "02",
    "subject_id": "01",
    "task_id": "Stroop"
  },
  "dummy_trs": 1,
  "dvars_nstd": 45.530953999591055,
  "dvars_std": 1.1452561844237918,
  "dvars_vstd": 1.0294024849628254,
  "efc": 0.5186565064647986,
  "fber": 603.1805419921875,
  "fd_mean": 0.32680674940982407,
  "fd_num": 403,
  "fd_perc": 74.76808905380334,
  "fwhm_avg": 2.6833735044834284,
  "fwhm_x": 2.5880998971581497,
  "fwhm_y": 2.822654054504472,
  "fwhm_z": 2.6393665617876625,
  "gcor": 0.00980834,
  "gsr_x": -0.018660815432667732,
  "gsr_y": 0.09950371086597443,
  "provenance": {
    "md5sum": "43cf47c7eea17610082a81b36a46e528",
    "settings": {
      "fd_thres": 0.2,
      "hmc_fsl": false
    },
    "software": "mriqc",
    "version": "0.14.2",
    "webapi_port": null,
    "webapi_url": null
  },
  "size_t": 539,
  "size_x": 90,
  "size_y": 90,
  "size_z": 60,
  "snr": 1.9758380533024866,
  "spacing_tr": 1.2000000476837158,
  "spacing_x": 2.4000000953674316,
  "spacing_y": 2.4000000953674316,
  "spacing_z": 2.4000000953674316,
  "summary_bg_k": 30.973848557326313,
  "summary_bg_mad": 69.87210083007812,
  "summary_bg_mean": 434.9053649902344,
  "summary_bg_median": 159.46939086914062,
  "summary_bg_n": 320410.0,
  "summary_bg_p05": 107.28385925292969,
  "summary_bg_p95": 1947.1060729980452,
  "summary_bg_stdv": 753.0738525390625,
  "summary_fg_k": 1.8078537596379407,
  "summary_fg_mad": 1817.3466796875,
  "summary_fg_mean": 4643.3544921875,
  "summary_fg_median": 4206.748046875,
  "summary_fg_n": 95926.0,
  "summary_fg_p05": 1972.9420471191406,
  "summary_fg_p95": 8741.85693359375,
  "summary_fg_stdv": 2129.08447265625,
  "tsnr": 40.61597442626953
}