{
  "aor": 0.001542133580705009,
  "aqi": 0.008491678571428572,
  "bids_meta": {
    "AcquisitionNumber": 1,
    "AcquisitionTime": "07:32:34.827500",
    "BandwidthPerPixelPhaseEncode": 18.832,
    "BodyPartExamined": "HEAD",
    "ConversionSoftware": "dcm2niix",
    "ConversionSoftwareVersion": "v1.0.20170624 (OpenJPEG build) MSC1900",
    "DeviceSerialNumber": "67064",
    "EchoTime": 0.033,
    "EchoTrainLength": 90,
    "EffectiveEchoSpacing": 0.000590012,
    "FlipAngle": 63,
    "ImageType": [
      "ORIGINAL",
      "PRIMARY",
      "M",
      "MB",
      "ND",
      "MOSAIC"
    ],
    "InstitutionAddress": "Scott_Ave_4525_St._Louis_MO_US_63110",
    "InstitutionName": "Washington_University",
    "MagneticFieldStrength": 3,
    "Manufacturer": "Siemens",
    "ManufacturersModelName": "Prisma_fit",
    "PhaseEncodingDirection": "j-",
    "PhaseEncodingLines": 90,
    "ProcedureStepDescription": "head_Braver",
    "ProtocolName": "tfMRI_StroopBas1_AP",
    "RepetitionTime": 1.2,
    "ScanningSequence": "EP",
    "SequenceName": "epfid2d1_90",
    "SequenceVariant": "SK_SS",
    "SeriesDescription": "tfMRI_StroopBas1_AP",
    "SliceTiming": [
      0,
      0.63,
      0.08,
      0.71,
      0.1575,
      0.7875,
      0.2375,
      0.865,
      0.315,
      0.945,
      0.395,
      1.0225,
      0.4725,
      1.1025,
      0.5525,
      0,
      0.63,
      0.08,
      0.71,
      0.1575,
      0.7875,
      0.2375,
      0.865,
      0.315,
      0.945,
      0.395,
      1.0225,
      0.4725,
      1.1025,
      0.5525,
      0,
      0.63,
      0.08,
      0.71,
      0.1575,
      0.7875,
      0.2375,
      0.865,
      0.315,
      0.945,
      0.395,
      1.0225,
      0.4725,
      1.1025,
      0.5525,
      0,
      0.63,
      0.08,
      0.71,
      0.1575,
      0.7875,
      0.2375,
      0.865,
      0.315,
      0.945,
      0.395,
      1.0225,
      0.4725,
      1.1025,
      0.5525
    ],
    "SoftwareVersions": "syngo_MR_E11",
    "TaskName": "Stroop",
    "TotalReadoutTime": 0.0525111,
    "acq_id": "cf2AP",
    "dataset": "unknown",
    "modality": "bold",
    "run_id": "01",
    "session_id": "02",
    "subject_id": "01",
    "task_id": "Stroop"
  },
  "dummy_trs": 1,
  "dvars_nstd": 50.083529440650516,
  "dvars_std": 1.1643533276951668,
  "dvars_vstd": 1.0099355444795541,
  "efc": 0.5139310574164339,
  "fber": 613.2333374023438,
  "fd_mean": 0.35851887751357786,
  "fd_num": 449,
  "fd_perc": 83.30241187384044,
  "fwhm_avg": 2.700541559356786,
  "fwhm_x": 2.612808229509662,
  "fwhm_y": 2.8572123864645804,
  "fwhm_z": 2.6316040620961165,
  "gcor": 0.00786284,
  "gsr_x": -0.013535846024751663,
  "gsr_y": 0.08798253536224365,
  "provenance": {
    "md5sum": "cde8ef513f1e8fecf4044ee99598e0c8",
    "settings": {
      "fd_thres": 0.2,
      "hmc_fsl": false
    },
    "software": "mriqc",
    "version": "0.14.2",
    "webapi_port": null,
    "webapi_url": null
  },
  "size_t": 539,
  "size_x": 90,
  "size_y": 90,
  "size_z": 60,
  "snr": 1.9586558978742108,
  "spacing_tr": 1.2000000476837158,
  "spacing_x": 2.4000000953674316,
  "spacing_y": 2.4000000953674316,
  "spacing_z": 2.4000000953674316,
  "summary_bg_k": 30.939174474822842,
  "summary_bg_mad": 66.3485107421875,
  "summary_bg_mean": 414.3887939453125,
  "summary_bg_median": 157.89610290527344,
  "summary_bg_n": 320094.0,
  "summary_bg_p05": 108.2523193359375,
  "summary_bg_p95": 1793.8209472656245,
  "summary_bg_stdv": 712.290771484375,
  "summary_fg_k": 1.8032052276120298,
  "summary_fg_mad": 1783.96240234375,
  "summary_fg_mean": 4672.984375,
  "summary_fg_median": 4219.2412109375,
  "summary_fg_n": 96210.0,
  "summary_fg_p05": 1981.9808532714842,
  "summary_fg_p95": 8881.40458984375,
  "summary_fg_stdv": 2154.14013671875,
  "tsnr": 37.27360534667969
}