{
  "aor": 0.004677050092764378,
  "aqi": 0.010338896623376623,
  "bids_meta": {
    "AcquisitionNumber": 1,
    "AcquisitionTime": "08:56:1.080000",
    "BandwidthPerPixelPhaseEncode": 18.832,
    "BodyPartExamined": "HEAD",
    "ConversionSoftware": "dcm2niix",
    "ConversionSoftwareVersion": "v1.0.20170624 (OpenJPEG build) MSC1900",
    "DeviceSerialNumber": "67064",
    "EchoTime": 0.033,
    "EchoTrainLength": 90,
    "EffectiveEchoSpacing": 0.000590012,
    "FlipAngle": 63,
    "ImageType": [
      "ORIGINAL",
      "PRIMARY",
      "M",
      "MB",
      "ND",
      "MOSAIC"
    ],
    "InstitutionAddress": "Scott_Ave_4525_St._Louis_MO_US_63110",
    "InstitutionName": "Washington_University",
    "MagneticFieldStrength": 3,
    "Manufacturer": "Siemens",
    "ManufacturersModelName": "Prisma_fit",
    "PhaseEncodingDirection": "j-",
    "PhaseEncodingLines": 90,
    "ProcedureStepDescription": "head_Braver",
    "ProtocolName": "tfMRI_StroopBas1_AP",
    "RepetitionTime": 1.2,
    "ScanningSequence": "EP",
    "SequenceName": "epfid2d1_90",
    "SequenceVariant": "SK_SS",
    "SeriesDescription": "tfMRI_StroopBas1_AP",
    "SliceTiming": [
      0,
      0.63,
      0.08,
      0.71,
      0.1575,
      0.7875,
      0.2375,
      0.865,
      0.315,
      0.945,
      0.395,
      1.0225,
      0.4725,
      1.1025,
      0.5525,
      0,
      0.63,
      0.08,
      0.71,
      0.1575,
      0.7875,
      0.2375,
      0.865,
      0.315,
      0.945,
      0.395,
      1.0225,
      0.4725,
      1.1025,
      0.5525,
      0,
      0.63,
      0.08,
      0.71,
      0.1575,
      0.7875,
      0.2375,
      0.865,
      0.315,
      0.945,
      0.395,
      1.0225,
      0.4725,
      1.1025,
      0.5525,
      0,
      0.63,
      0.08,
      0.71,
      0.1575,
      0.7875,
      0.2375,
      0.865,
      0.315,
      0.945,
      0.395,
      1.0225,
      0.4725,
      1.1025,
      0.5525
    ],
    "SoftwareVersions": "syngo_MR_E11",
    "TaskName": "notStroop",
    "TotalReadoutTime": 0.0525111,
    "acq_id": "cf0AP",
    "dataset": "unknown",
    "modality": "bold",
    "run_id": "05",
    "session_id": "02",
    "subject_id": "01",
    "task_id": "notStroop"
  },
  "dummy_trs": 1,
  "dvars_nstd": 47.40461665371744,
  "dvars_std": 1.1059447892379177,
  "dvars_vstd": 0.9981366656505586,
  "efc": 0.5246387802133633,
  "fber": 591.1256713867188,
  "fd_mean": 0.36202832628165993,
  "fd_num": 380,
  "fd_perc": 70.50092764378479,
  "fwhm_avg": 2.6257304512184017,
  "fwhm_x": 2.5064040670711174,
  "fwhm_y": 2.748449890786414,
  "fwhm_z": 2.622337395797674,
  "gcor": 0.0114725,
  "gsr_x": -0.024440161883831024,
  "gsr_y": 0.09048644453287125,
  "provenance": {
    "md5sum": "c11f5ea45a43ba4d1373b8e08cf614ac",
    "settings": {
      "fd_thres": 0.2,
      "hmc_fsl": false
    },
    "software": "mriqc",
    "version": "0.14.2",
    "webapi_port": null,
    "webapi_url": null
  },
  "size_t": 539,
  "size_x": 90,
  "size_y": 90,
  "size_z": 60,
  "snr": 2.2028829821572216,
  "spacing_tr": 1.2000000476837158,
  "spacing_x": 2.4000000953674316,
  "spacing_y": 2.4000000953674316,
  "spacing_z": 2.4000000953674316,
  "summary_bg_k": 42.50340079436349,
  "summary_bg_mad": 54.35841369628906,
  "summary_bg_mean": 374.68292236328125,
  "summary_bg_median": 144.68460083007812,
  "summary_bg_n": 320497.0,
  "summary_bg_p05": 104.69387817382812,
  "summary_bg_p95": 1547.2089355468754,
  "summary_bg_stdv": 640.6760864257812,
  "summary_fg_k": 2.1009463954776306,
  "summary_fg_mad": 1411.8372802734375,
  "summary_fg_mean": 4080.89794921875,
  "summary_fg_median": 3772.921142578125,
  "summary_fg_n": 96082.0,
  "summary_fg_p05": 1851.9901000976563,
  "summary_fg_p95": 7355.034619140622,
  "summary_fg_stdv": 1712.7108154296875,
  "tsnr": 32.79408264160156
}