{
  "aor": 0.0018201301115241637,
  "aqi": 0.0086388786802974,
  "bids_meta": {
    "AcquisitionNumber": 1,
    "AcquisitionTime": "09:08:7.020000",
    "BandwidthPerPixelPhaseEncode": 18.832,
    "BodyPartExamined": "HEAD",
    "ConversionSoftware": "dcm2niix",
    "ConversionSoftwareVersion": "v1.0.20170624 (OpenJPEG build) MSC1900",
    "DeviceSerialNumber": "67064",
    "EchoTime": 0.033,
    "EchoTrainLength": 90,
    "EffectiveEchoSpacing": 0.000590012,
    "FlipAngle": 63,
    "ImageType": [
      "ORIGINAL",
      "PRIMARY",
      "M",
      "MB",
      "ND",
      "MOSAIC"
    ],
    "InstitutionAddress": "Scott_Ave_4525_St._Louis_MO_US_63110",
    "InstitutionName": "Washington_University",
    "MagneticFieldStrength": 3,
    "Manufacturer": "Siemens",
    "ManufacturersModelName": "Prisma_fit",
    "PhaseEncodingDirection": "j",
    "PhaseEncodingLines": 90,
    "ProcedureStepDescription": "head_Braver",
    "ProtocolName": "tfMRI_StroopBas2_PA",
    "RepetitionTime": 1.2,
    "ScanningSequence": "EP",
    "SequenceName": "epfid2d1_90",
    "SequenceVariant": "SK_SS",
    "SeriesDescription": "tfMRI_StroopBas2_PA",
    "SliceTiming": [
      0,
      0.63,
      0.08,
      0.71,
      0.1575,
      0.7875,
      0.2375,
      0.865,
      0.315,
      0.945,
      0.395,
      1.0225,
      0.4725,
      1.1025,
      0.5525,
      0,
      0.63,
      0.08,
      0.71,
      0.1575,
      0.7875,
      0.2375,
      0.865,
      0.315,
      0.945,
      0.395,
      1.0225,
      0.4725,
      1.1025,
      0.5525,
      0,
      0.63,
      0.08,
      0.71,
      0.1575,
      0.7875,
      0.2375,
      0.865,
      0.315,
      0.945,
      0.395,
      1.0225,
      0.4725,
      1.1025,
      0.5525,
      0,
      0.63,
      0.08,
      0.71,
      0.1575,
      0.7875,
      0.2375,
      0.865,
      0.315,
      0.945,
      0.395,
      1.0225,
      0.4725,
      1.1025,
      0.5525
    ],
    "SoftwareVersions": "syngo_MR_E11",
    "TaskName": "Stroop",
    "TotalReadoutTime": 0.0525111,
    "acq_id": "cf0PA",
    "dataset": "unknown",
    "modality": "bold",
    "run_id": "06",
    "session_id": "02",
    "subject_id": "01",
    "task_id": "Stroop"
  },
  "dummy_trs": 2,
  "dvars_nstd": 42.21902629927381,
  "dvars_std": 1.1161134264990689,
  "dvars_vstd": 1.0221955263128504,
  "efc": 0.5262008245994394,
  "fber": 568.0819702148438,
  "fd_mean": 0.29948870307005065,
  "fd_num": 401,
  "fd_perc": 74.53531598513011,
  "fwhm_avg": 2.5978873967692295,
  "fwhm_x": 2.492170734303366,
  "fwhm_y": 2.691991559696533,
  "fwhm_z": 2.6094998963077907,
  "gcor": 0.00585013,
  "gsr_x": -0.016899187117815018,
  "gsr_y": 0.09811775386333466,
  "provenance": {
    "md5sum": "6c4c5c9c7364117d9ff3d0ae507ae4cd",
    "settings": {
      "fd_thres": 0.2,
      "hmc_fsl": false
    },
    "software": "mriqc",
    "version": "0.14.2",
    "webapi_port": null,
    "webapi_url": null
  },
  "size_t": 538,
  "size_x": 90,
  "size_y": 90,
  "size_z": 60,
  "snr": 2.1897732976948157,
  "spacing_tr": 1.2000000476837158,
  "spacing_x": 2.4000000953674316,
  "spacing_y": 2.4000000953674316,
  "spacing_z": 2.4000000953674316,
  "summary_bg_k": 54.78130931999687,
  "summary_bg_mad": 60.61308670043945,
  "summary_bg_mean": 381.7555236816406,
  "summary_bg_median": 147.10223388671875,
  "summary_bg_n": 320805.0,
  "summary_bg_p05": 98.5966567993164,
  "summary_bg_p95": 1660.5925048828124,
  "summary_bg_stdv": 650.9151000976562,
  "summary_fg_k": 2.638034128186172,
  "summary_fg_mad": 1422.89892578125,
  "summary_fg_mean": 4050.917236328125,
  "summary_fg_median": 3736.338134765625,
  "summary_fg_n": 95627.0,
  "summary_fg_p05": 1889.9092529296875,
  "summary_fg_p95": 7276.908398437499,
  "summary_fg_stdv": 1706.2581787109375,
  "tsnr": 38.63697052001953
}