{
  "aor": 0.002508996282527881,
  "aqi": 0.010196169925650558,
  "bids_meta": {
    "AcquisitionNumber": 1,
    "AcquisitionTime": "08:29:36.480000",
    "BandwidthPerPixelPhaseEncode": 18.832,
    "BodyPartExamined": "HEAD",
    "ConversionSoftware": "dcm2niix",
    "ConversionSoftwareVersion": "v1.0.20170624 (OpenJPEG build) MSC1900",
    "DeviceSerialNumber": "67064",
    "EchoTime": 0.033,
    "EchoTrainLength": 90,
    "EffectiveEchoSpacing": 0.000590012,
    "FlipAngle": 63,
    "ImageType": [
      "ORIGINAL",
      "PRIMARY",
      "M",
      "MB",
      "ND",
      "MOSAIC"
    ],
    "InstitutionAddress": "Scott_Ave_4525_St._Louis_MO_US_63110",
    "InstitutionName": "Washington_University",
    "MagneticFieldStrength": 3,
    "Manufacturer": "Siemens",
    "ManufacturersModelName": "Prisma_fit",
    "PhaseEncodingDirection": "j",
    "PhaseEncodingLines": 90,
    "ProcedureStepDescription": "head_Braver",
    "ProtocolName": "tfMRI_StroopBas2_PA",
    "RepetitionTime": 1.2,
    "ScanningSequence": "EP",
    "SequenceName": "epfid2d1_90",
    "SequenceVariant": "SK_SS",
    "SeriesDescription": "tfMRI_StroopBas2_PA",
    "SliceTiming": [
      0,
      0.63,
      0.08,
      0.7075,
      0.1575,
      0.7875,
      0.2375,
      0.865,
      0.315,
      0.945,
      0.3925,
      1.0225,
      0.4725,
      1.1025,
      0.55,
      0,
      0.63,
      0.08,
      0.7075,
      0.1575,
      0.7875,
      0.2375,
      0.865,
      0.315,
      0.945,
      0.3925,
      1.0225,
      0.4725,
      1.1025,
      0.55,
      0,
      0.63,
      0.08,
      0.7075,
      0.1575,
      0.7875,
      0.2375,
      0.865,
      0.315,
      0.945,
      0.3925,
      1.0225,
      0.4725,
      1.1025,
      0.55,
      0,
      0.63,
      0.08,
      0.7075,
      0.1575,
      0.7875,
      0.2375,
      0.865,
      0.315,
      0.945,
      0.3925,
      1.0225,
      0.4725,
      1.1025,
      0.55
    ],
    "SoftwareVersions": "syngo_MR_E11",
    "TaskName": "notStroop",
    "TotalReadoutTime": 0.0525111,
    "acq_id": "cf2PA",
    "dataset": "unknown",
    "modality": "bold",
    "run_id": "04",
    "session_id": "02",
    "subject_id": "01",
    "task_id": "notStroop"
  },
  "dummy_trs": 2,
  "dvars_nstd": 38.33182712456241,
  "dvars_std": 1.0455662674487893,
  "dvars_vstd": 0.977923792439479,
  "efc": 0.5221984134925373,
  "fber": 588.643798828125,
  "fd_mean": 0.24775987828669074,
  "fd_num": 312,
  "fd_perc": 57.99256505576208,
  "fwhm_avg": 2.706849892439449,
  "fwhm_x": 2.5975790634481486,
  "fwhm_y": 2.839270720510852,
  "fwhm_z": 2.683699893359347,
  "gcor": 0.0151654,
  "gsr_x": -0.017584698274731636,
  "gsr_y": 0.09702781587839127,
  "provenance": {
    "md5sum": "19d2afdcd8e7dcce247e9966b402cbcb",
    "settings": {
      "fd_thres": 0.2,
      "hmc_fsl": false
    },
    "software": "mriqc",
    "version": "0.14.2",
    "webapi_port": null,
    "webapi_url": null
  },
  "size_t": 538,
  "size_x": 90,
  "size_y": 90,
  "size_z": 60,
  "snr": 1.993474047759692,
  "spacing_tr": 1.2000000476837158,
  "spacing_x": 2.4000000953674316,
  "spacing_y": 2.4000000953674316,
  "spacing_z": 2.4000000953674316,
  "summary_bg_k": 29.225066053783124,
  "summary_bg_mad": 70.72675323486328,
  "summary_bg_mean": 446.9712219238281,
  "summary_bg_median": 161.35316467285156,
  "summary_bg_n": 320290.0,
  "summary_bg_p05": 108.84200286865234,
  "summary_bg_p95": 2008.499505615233,
  "summary_bg_stdv": 770.7427368164062,
  "summary_fg_k": 1.772008847911767,
  "summary_fg_mad": 1804.1217041015625,
  "summary_fg_mean": 4624.171875,
  "summary_fg_median": 4197.9384765625,
  "summary_fg_n": 96106.0,
  "summary_fg_p05": 1979.4428405761719,
  "summary_fg_p95": 8677.154541015625,
  "summary_fg_stdv": 2105.82958984375,
  "tsnr": 35.067657470703125
}