{
  "aor": 0.011040055658627087,
  "aqi": 0.020250155640074208,
  "bids_meta": {
    "AcquisitionNumber": 1,
    "AcquisitionTime": "08:15:32.345000",
    "BandwidthPerPixelPhaseEncode": 18.832,
    "BodyPartExamined": "HEAD",
    "ConversionSoftware": "dcm2niix",
    "ConversionSoftwareVersion": "v1.0.20170624 (OpenJPEG build) MSC1900",
    "DeviceSerialNumber": "67064",
    "EchoTime": 0.033,
    "EchoTrainLength": 90,
    "EffectiveEchoSpacing": 0.000590012,
    "FlipAngle": 63,
    "ImageType": [
      "ORIGINAL",
      "PRIMARY",
      "M",
      "MB",
      "ND",
      "MOSAIC"
    ],
    "InstitutionAddress": "Scott_Ave_4525_St._Louis_MO_US_63110",
    "InstitutionName": "Washington_University",
    "MagneticFieldStrength": 3,
    "Manufacturer": "Siemens",
    "ManufacturersModelName": "Prisma_fit",
    "PhaseEncodingDirection": "j-",
    "PhaseEncodingLines": 90,
    "ProcedureStepDescription": "head_Braver",
    "ProtocolName": "tfMRI_StroopBas1_AP",
    "RepetitionTime": 1.2,
    "ScanningSequence": "EP",
    "SequenceName": "epfid2d1_90",
    "SequenceVariant": "SK_SS",
    "SeriesDescription": "tfMRI_StroopBas1_AP",
    "SliceTiming": [
      0,
      0.63,
      0.08,
      0.7075,
      0.1575,
      0.7875,
      0.2375,
      0.865,
      0.315,
      0.945,
      0.395,
      1.0225,
      0.4725,
      1.1025,
      0.5525,
      0,
      0.63,
      0.08,
      0.7075,
      0.1575,
      0.7875,
      0.2375,
      0.865,
      0.315,
      0.945,
      0.395,
      1.0225,
      0.4725,
      1.1025,
      0.5525,
      0,
      0.63,
      0.08,
      0.7075,
      0.1575,
      0.7875,
      0.2375,
      0.865,
      0.315,
      0.945,
      0.395,
      1.0225,
      0.4725,
      1.1025,
      0.5525,
      0,
      0.63,
      0.08,
      0.7075,
      0.1575,
      0.7875,
      0.2375,
      0.865,
      0.315,
      0.945,
      0.395,
      1.0225,
      0.4725,
      1.1025,
      0.5525
    ],
    "SoftwareVersions": "syngo_MR_E11",
    "TaskName": "notStroop",
    "TotalReadoutTime": 0.0525111,
    "acq_id": "cf2AP",
    "dataset": "unknown",
    "modality": "bold",
    "run_id": "03",
    "session_id": "02",
    "subject_id": "01",
    "task_id": "notStroop"
  },
  "dummy_trs": 1,
  "dvars_nstd": 65.89946489808548,
  "dvars_std": 1.075450082843867,
  "dvars_vstd": 0.9844592573234203,
  "efc": 0.518390870124094,
  "fber": 585.3666381835938,
  "fd_mean": 0.5773025619102813,
  "fd_num": 360,
  "fd_perc": 66.79035250463822,
  "fwhm_avg": 2.774133223099183,
  "fwhm_x": 2.6590165610068417,
  "fwhm_y": 2.935499883353715,
  "fwhm_z": 2.727883224936993,
  "gcor": 0.024142,
  "gsr_x": -0.011266002431511879,
  "gsr_y": 0.08804652839899063,
  "provenance": {
    "md5sum": "033f69ef611fa4bb460f66cf1d418f08",
    "settings": {
      "fd_thres": 0.2,
      "hmc_fsl": false
    },
    "software": "mriqc",
    "version": "0.14.2",
    "webapi_port": null,
    "webapi_url": null
  },
  "size_t": 539,
  "size_x": 90,
  "size_y": 90,
  "size_z": 60,
  "snr": 1.987430913392268,
  "spacing_tr": 1.2000000476837158,
  "spacing_x": 2.4000000953674316,
  "spacing_y": 2.4000000953674316,
  "spacing_z": 2.4000000953674316,
  "summary_bg_k": 28.488340045297704,
  "summary_bg_mad": 68.35649871826172,
  "summary_bg_mean": 419.4198303222656,
  "summary_bg_median": 160.10946655273438,
  "summary_bg_n": 319203.0,
  "summary_bg_p05": 108.486083984375,
  "summary_bg_p95": 1829.2514404296853,
  "summary_bg_stdv": 712.0450439453125,
  "summary_fg_k": 1.6299905148083935,
  "summary_fg_mad": 1762.1663818359375,
  "summary_fg_mean": 4613.18408203125,
  "summary_fg_median": 4180.1875,
  "summary_fg_n": 97048.0,
  "summary_fg_p05": 1952.8080139160156,
  "summary_fg_p95": 8721.196435546874,
  "summary_fg_stdv": 2103.30126953125,
  "tsnr": 22.817670822143555
}