{
  "aor": 0.00236948051948052,
  "aqi": 0.0079102953432282,
  "bids_meta": {
    "AcquisitionNumber": 1,
    "AcquisitionTime": "12:08:8.995000",
    "BandwidthPerPixelPhaseEncode": 18.832,
    "BodyPartExamined": "HEAD",
    "ConversionSoftware": "dcm2niix",
    "ConversionSoftwareVersion": "v1.0.20170624 (OpenJPEG build) MSC1900",
    "DeviceSerialNumber": "67064",
    "EchoTime": 0.033,
    "EchoTrainLength": 90,
    "EffectiveEchoSpacing": 0.000590012,
    "FlipAngle": 63,
    "ImageType": [
      "ORIGINAL",
      "PRIMARY",
      "M",
      "MB",
      "ND",
      "MOSAIC"
    ],
    "InstitutionAddress": "Scott_Ave_4525_St._Louis_MO_US_63110",
    "InstitutionName": "Washington_University",
    "MagneticFieldStrength": 3,
    "Manufacturer": "Siemens",
    "ManufacturersModelName": "Prisma_fit",
    "PhaseEncodingDirection": "j-",
    "PhaseEncodingLines": 90,
    "ProcedureStepDescription": "head_Braver",
    "ProtocolName": "tfMRI_StroopBas1_AP",
    "RepetitionTime": 1.2,
    "ScanningSequence": "EP",
    "SequenceName": "epfid2d1_90",
    "SequenceVariant": "SK_SS",
    "SeriesDescription": "tfMRI_StroopBas1_AP",
    "SliceTiming": [
      0,
      0.63,
      0.08,
      0.71,
      0.1575,
      0.7875,
      0.2375,
      0.865,
      0.315,
      0.945,
      0.395,
      1.0225,
      0.4725,
      1.1025,
      0.5525,
      0,
      0.63,
      0.08,
      0.71,
      0.1575,
      0.7875,
      0.2375,
      0.865,
      0.315,
      0.945,
      0.395,
      1.0225,
      0.4725,
      1.1025,
      0.5525,
      0,
      0.63,
      0.08,
      0.71,
      0.1575,
      0.7875,
      0.2375,
      0.865,
      0.315,
      0.945,
      0.395,
      1.0225,
      0.4725,
      1.1025,
      0.5525,
      0,
      0.63,
      0.08,
      0.71,
      0.1575,
      0.7875,
      0.2375,
      0.865,
      0.315,
      0.945,
      0.395,
      1.0225,
      0.4725,
      1.1025,
      0.5525
    ],
    "SoftwareVersions": "syngo_MR_E11",
    "TaskName": "Stroop",
    "TotalReadoutTime": 0.0525111,
    "acq_id": "cf0AP",
    "dataset": "unknown",
    "modality": "bold",
    "run_id": "03",
    "session_id": "01",
    "subject_id": "01",
    "task_id": "Stroop"
  },
  "dummy_trs": 1,
  "dvars_nstd": 41.73140993780664,
  "dvars_std": 1.1193222303531596,
  "dvars_vstd": 1.0159763350557622,
  "efc": 0.5197303919210983,
  "fber": 595.9170532226562,
  "fd_mean": 0.3013325969823528,
  "fd_num": 362,
  "fd_perc": 67.16141001855287,
  "fwhm_avg": 2.5936276747162736,
  "fwhm_x": 2.4687124019021827,
  "fwhm_y": 2.737904057872134,
  "fwhm_z": 2.5742665643745037,
  "gcor": 0.0106017,
  "gsr_x": -0.02277555875480175,
  "gsr_y": 0.08934158086776733,
  "provenance": {
    "md5sum": "43b695e46580990fbc83d6a78eae2680",
    "settings": {
      "fd_thres": 0.2,
      "hmc_fsl": false
    },
    "software": "mriqc",
    "version": "0.14.2",
    "webapi_port": null,
    "webapi_url": null
  },
  "size_t": 539,
  "size_x": 90,
  "size_y": 90,
  "size_z": 60,
  "snr": 2.2886104200193316,
  "spacing_tr": 1.2000000476837158,
  "spacing_x": 2.4000000953674316,
  "spacing_y": 2.4000000953674316,
  "spacing_z": 2.4000000953674316,
  "summary_bg_k": 44.877248286414506,
  "summary_bg_mad": 53.51946258544922,
  "summary_bg_mean": 343.33734130859375,
  "summary_bg_median": 140.6883087158203,
  "summary_bg_n": 321402.0,
  "summary_bg_p05": 99.3692943572998,
  "summary_bg_p95": 1361.6822753906251,
  "summary_bg_stdv": 595.1524658203125,
  "summary_fg_k": 1.8545826028261256,
  "summary_fg_mad": 1307.74560546875,
  "summary_fg_mean": 3952.351318359375,
  "summary_fg_median": 3657.8544921875,
  "summary_fg_n": 95298.0,
  "summary_fg_p05": 1859.6643493652343,
  "summary_fg_p95": 7031.090454101559,
  "summary_fg_stdv": 1598.27783203125,
  "tsnr": 37.26005554199219
}