{
  "aor": 0.003434953617810761,
  "aqi": 0.005180499146567718,
  "bids_meta": {
    "AcquisitionNumber": 1,
    "AcquisitionTime": "11:45:18.785000",
    "BandwidthPerPixelPhaseEncode": 18.832,
    "BodyPartExamined": "HEAD",
    "ConversionSoftware": "dcm2niix",
    "ConversionSoftwareVersion": "v1.0.20170624 (OpenJPEG build) MSC1900",
    "DeviceSerialNumber": "67064",
    "EchoTime": 0.033,
    "EchoTrainLength": 90,
    "EffectiveEchoSpacing": 0.000590012,
    "FlipAngle": 63,
    "ImageType": [
      "ORIGINAL",
      "PRIMARY",
      "M",
      "MB",
      "ND",
      "MOSAIC"
    ],
    "InstitutionAddress": "Scott_Ave_4525_St._Louis_MO_US_63110",
    "InstitutionName": "Washington_University",
    "MagneticFieldStrength": 3,
    "Manufacturer": "Siemens",
    "ManufacturersModelName": "Prisma_fit",
    "PhaseEncodingDirection": "j",
    "PhaseEncodingLines": 90,
    "ProcedureStepDescription": "head_Braver",
    "ProtocolName": "tfMRI_StroopBas2_PA",
    "RepetitionTime": 1.2,
    "ScanningSequence": "EP",
    "SequenceName": "epfid2d1_90",
    "SequenceVariant": "SK_SS",
    "SeriesDescription": "tfMRI_StroopBas2_PA",
    "SliceTiming": [
      0,
      0.63,
      0.08,
      0.7075,
      0.1575,
      0.7875,
      0.235,
      0.865,
      0.315,
      0.945,
      0.3925,
      1.0225,
      0.4725,
      1.1025,
      0.55,
      0,
      0.63,
      0.08,
      0.7075,
      0.1575,
      0.7875,
      0.235,
      0.865,
      0.315,
      0.945,
      0.3925,
      1.0225,
      0.4725,
      1.1025,
      0.55,
      0,
      0.63,
      0.08,
      0.7075,
      0.1575,
      0.7875,
      0.235,
      0.865,
      0.315,
      0.945,
      0.3925,
      1.0225,
      0.4725,
      1.1025,
      0.55,
      0,
      0.63,
      0.08,
      0.7075,
      0.1575,
      0.7875,
      0.235,
      0.865,
      0.315,
      0.945,
      0.3925,
      1.0225,
      0.4725,
      1.1025,
      0.55
    ],
    "SoftwareVersions": "syngo_MR_E11",
    "TaskName": "Stroop",
    "TotalReadoutTime": 0.0525111,
    "acq_id": "cf1PA",
    "dataset": "unknown",
    "modality": "bold",
    "run_id": "02",
    "session_id": "01",
    "subject_id": "01",
    "task_id": "Stroop"
  },
  "dummy_trs": 1,
  "dvars_nstd": 35.19355393169144,
  "dvars_std": 1.1484567846282525,
  "dvars_vstd": 1.040363572174721,
  "efc": 0.5176107037871678,
  "fber": 635.1683349609375,
  "fd_mean": 0.19409858539228994,
  "fd_num": 199,
  "fd_perc": 36.92022263450835,
  "fwhm_avg": 2.5893026748881334,
  "fwhm_x": 2.5073207337013588,
  "fwhm_y": 2.708329059047339,
  "fwhm_z": 2.5522582319157032,
  "gcor": 0.0167416,
  "gsr_x": -0.019697431474924088,
  "gsr_y": 0.10036687552928925,
  "provenance": {
    "md5sum": "3f94ba2ede12b7570cdbaf7c33b881c4",
    "settings": {
      "fd_thres": 0.2,
      "hmc_fsl": false
    },
    "software": "mriqc",
    "version": "0.14.2",
    "webapi_port": null,
    "webapi_url": null
  },
  "size_t": 539,
  "size_x": 90,
  "size_y": 90,
  "size_z": 60,
  "snr": 2.147518743694576,
  "spacing_tr": 1.2000000476837158,
  "spacing_x": 2.4000000953674316,
  "spacing_y": 2.4000000953674316,
  "spacing_z": 2.4000000953674316,
  "summary_bg_k": 41.62402057144676,
  "summary_bg_mad": 58.773223876953125,
  "summary_bg_mean": 385.5698547363281,
  "summary_bg_median": 148.569580078125,
  "summary_bg_n": 320845.0,
  "summary_bg_p05": 105.0111312866211,
  "summary_bg_p95": 1629.3254638671865,
  "summary_bg_stdv": 673.1484375,
  "summary_fg_k": 2.0861657309579567,
  "summary_fg_mad": 1590.960205078125,
  "summary_fg_mean": 4338.9814453125,
  "summary_fg_median": 3992.64306640625,
  "summary_fg_n": 95572.0,
  "summary_fg_p05": 1953.0558166503909,
  "summary_fg_p95": 7870.001733398438,
  "summary_fg_stdv": 1859.17919921875,
  "tsnr": 45.28160095214844
}