{
  "aor": 0.0036897773654916517,
  "aqi": 0.006031010185528757,
  "bids_meta": {
    "AcquisitionNumber": 1,
    "AcquisitionTime": "11:04:30.607500",
    "BandwidthPerPixelPhaseEncode": 18.832,
    "BodyPartExamined": "HEAD",
    "ConversionSoftware": "dcm2niix",
    "ConversionSoftwareVersion": "v1.0.20170624 (OpenJPEG build) MSC1900",
    "DeviceSerialNumber": "67064",
    "EchoTime": 0.033,
    "EchoTrainLength": 90,
    "EffectiveEchoSpacing": 0.000590012,
    "FlipAngle": 63,
    "ImageType": [
      "ORIGINAL",
      "PRIMARY",
      "M",
      "MB",
      "ND",
      "MOSAIC"
    ],
    "InstitutionAddress": "Scott_Ave_4525_St._Louis_MO_US_63110",
    "InstitutionName": "Washington_University",
    "MagneticFieldStrength": 3,
    "Manufacturer": "Siemens",
    "ManufacturersModelName": "Prisma_fit",
    "PhaseEncodingDirection": "j-",
    "PhaseEncodingLines": 90,
    "ProcedureStepDescription": "head_Braver",
    "ProtocolName": "tfMRI_StroopBas1_AP",
    "RepetitionTime": 1.2,
    "ScanningSequence": "EP",
    "SequenceName": "epfid2d1_90",
    "SequenceVariant": "SK_SS",
    "SeriesDescription": "tfMRI_StroopBas1_AP",
    "SliceTiming": [
      0,
      0.6275,
      0.0775,
      0.7075,
      0.1575,
      0.785,
      0.235,
      0.865,
      0.3125,
      0.9425,
      0.3925,
      1.0225,
      0.47,
      1.1,
      0.55,
      0,
      0.6275,
      0.0775,
      0.7075,
      0.1575,
      0.785,
      0.235,
      0.865,
      0.3125,
      0.9425,
      0.3925,
      1.0225,
      0.47,
      1.1,
      0.55,
      0,
      0.6275,
      0.0775,
      0.7075,
      0.1575,
      0.785,
      0.235,
      0.865,
      0.3125,
      0.9425,
      0.3925,
      1.0225,
      0.47,
      1.1,
      0.55,
      0,
      0.6275,
      0.0775,
      0.7075,
      0.1575,
      0.785,
      0.235,
      0.865,
      0.3125,
      0.9425,
      0.3925,
      1.0225,
      0.47,
      1.1,
      0.55
    ],
    "SoftwareVersions": "syngo_MR_E11",
    "TaskName": "Stroop",
    "TotalReadoutTime": 0.0525111,
    "acq_id": "cf1AP",
    "dataset": "unknown",
    "modality": "bold",
    "run_id": "01",
    "session_id": "01",
    "subject_id": "01",
    "task_id": "Stroop"
  },
  "dummy_trs": 1,
  "dvars_nstd": 40.455747058234245,
  "dvars_std": 1.1569445098141276,
  "dvars_vstd": 1.0308838245353151,
  "efc": 0.5114041957373076,
  "fber": 663.2742919921875,
  "fd_mean": 0.23309201211767192,
  "fd_num": 252,
  "fd_perc": 46.753246753246756,
  "fwhm_avg": 2.592820730303894,
  "fwhm_x": 2.4941082342263763,
  "fwhm_y": 2.7191665586166955,
  "fwhm_z": 2.5651873980686113,
  "gcor": 0.0151263,
  "gsr_x": -0.017807962372899055,
  "gsr_y": 0.07319696992635727,
  "provenance": {
    "md5sum": "9bb142b8d74a708829a39888ffae2e52",
    "settings": {
      "fd_thres": 0.2,
      "hmc_fsl": false
    },
    "software": "mriqc",
    "version": "0.14.2",
    "webapi_port": null,
    "webapi_url": null
  },
  "size_t": 539,
  "size_x": 90,
  "size_y": 90,
  "size_z": 60,
  "snr": 2.1624535001576994,
  "spacing_tr": 1.2000000476837158,
  "spacing_x": 2.4000000953674316,
  "spacing_y": 2.4000000953674316,
  "spacing_z": 2.4000000953674316,
  "summary_bg_k": 44.60601926032919,
  "summary_bg_mad": 54.9099235534668,
  "summary_bg_mean": 366.8781433105469,
  "summary_bg_median": 145.32003784179688,
  "summary_bg_n": 322548.0,
  "summary_bg_p05": 104.41744232177734,
  "summary_bg_p95": 1517.8675842285143,
  "summary_bg_stdv": 653.864501953125,
  "summary_fg_k": 1.6985710784480146,
  "summary_fg_mad": 1545.5867919921875,
  "summary_fg_mean": 4363.255859375,
  "summary_fg_median": 4010.91845703125,
  "summary_fg_n": 94397.0,
  "summary_fg_p05": 1960.93466796875,
  "summary_fg_p95": 7939.419433593748,
  "summary_fg_stdv": 1854.7900390625,
  "tsnr": 42.209877014160156
}